PATH
  remote: .
  specs:
    atlass_oct (0.1.0)
      thor

GEM
  remote: https://rubygems.org/
  specs:
    minitest (5.20.0)
    rake (13.1.0)
    thor (1.3.0)

PLATFORMS
  arm64-darwin-22

DEPENDENCIES
  atlass_oct!
  minitest (~> 5.0)
  rake (~> 13.0)

BUNDLED WITH
   2.4.19
